GEM
  remote: https://rubygems.org/
  specs:
    colorputs (0.2.3)

PLATFORMS
  x86_64-linux

DEPENDENCIES
  colorputs

RUBY VERSION
   ruby 3.1.2p20

BUNDLED WITH
   2.3.7
